GEM
  remote: https://rubygems.org/
  specs:
    loofah (2.0.3)
      nokogiri (>= 1.5.9)
    mini_portile2 (2.0.0)
    nokogiri (1.6.7.2)
      mini_portile2 (~> 2.0.0.rc2)
    rails-html-sanitizer (1.0.3)
      loofah (~> 2.0)
    require_all (1.3.3)

PLATFORMS
  ruby

DEPENDENCIES
  bundler
  nokogiri
  rails-html-sanitizer
  require_all

BUNDLED WITH
   1.11.2
